GIT
  remote: git@github.com:peter-murach/github.git
  revision: 930331087a8984d7dd055fce2bb493bd7aac3870
  specs:
    github_api (0.6.3)
      faraday (~> 0.8.1)
      hashie (~> 1.2.0)
      multi_json (~> 1.3)
      nokogiri (~> 1.5.2)
      oauth2

GEM
  remote: https://rubygems.org/
  specs:
    faraday (0.8.1)
      multipart-post (~> 1.1)
    hashie (1.2.0)
    httpauth (0.1)
    jwt (0.1.5)
      multi_json (>= 1.0)
    multi_json (1.3.6)
    multipart-post (1.1.5)
    nokogiri (1.5.5)
    oauth2 (0.8.0)
      faraday (~> 0.8)
      httpauth (~> 0.1)
      jwt (~> 0.1.4)
      multi_json (~> 1.0)
      rack (~> 1.2)
    rack (1.4.1)

PLATFORMS
  ruby

DEPENDENCIES
  github_api!
